GEM
  remote: https://rubygems.org/
  specs:
    highline (1.7.8)
    httparty (0.14.0)
      multi_xml (>= 0.5.2)
    i18n (0.8.1)
    json (1.8.6)
    logger (1.2.8)
    mail (2.6.4)
      mime-types (>= 1.16, < 4)
    mime-types (3.1)
      mime-types-data (~> 3.2015)
    mime-types-data (3.2016.0521)
    multi_xml (0.6.0)

PLATFORMS
  ruby

DEPENDENCIES
  highline (= 1.7.8)
  httparty (= 0.14.0)
  i18n (= 0.8.1)
  json (= 1.8.6)
  logger (= 1.2.8)
  mail (= 2.6.4)

BUNDLED WITH
   1.13.4
